GIT
  remote: https://github.com/luisbebop/ruby-client
  revision: dafb5122f0c33952d3b6eaa4292a6ac15baeac71
  specs:
    blockcypher-ruby (0.2.5)
      bitcoin-ruby (~> 0.0.5)
      ffi

GIT
  remote: https://github.com/mattmueller/foursquare2
  revision: 0affc7d4bd5a3aea51e16782def38f589d16e60a
  specs:
    foursquare2 (2.0.2)
      faraday (~> 0.8)
      faraday_middleware (>= 0.8)
      hashie (>= 1.0, < 4.0.0)

GEM
  remote: https://rubygems.org/
  specs:
    activemodel (5.0.1)
      activesupport (= 5.0.1)
    activerecord (5.0.1)
      activemodel (= 5.0.1)
      activesupport (= 5.0.1)
      arel (~> 7.0)
    activesupport (5.0.1)
      concurrent-ruby (~> 1.0, >= 1.0.2)
      i18n (~> 0.7)
      minitest (~> 5.1)
      tzinfo (~> 1.1)
    arel (7.1.4)
    bip_mnemonic (0.0.2)
    bitcoin-ruby (0.0.10)
    bond (0.5.1)
    chain-sdk (1.0.1)
    concurrent-ruby (1.0.4)
    facebook-messenger (0.11.0)
      httparty (~> 0.13, >= 0.13.7)
      rack (>= 1.6.4)
    faraday (0.11.0)
      multipart-post (>= 1.2, < 3)
    faraday_middleware (0.11.0.1)
      faraday (>= 0.7.4, < 1.0)
    ffi (1.9.17)
    hashie (3.5.5)
    httmultiparty (0.3.16)
      httparty (>= 0.7.3)
      mimemagic
      multipart-post
    httparty (0.14.0)
      multi_xml (>= 0.5.2)
    i18n (0.7.0)
    mimemagic (0.3.2)
    minitest (5.10.1)
    money-tree (0.9.0)
      ffi
    multi_xml (0.6.0)
    multipart-post (2.0.0)
    pg (0.19.0)
    puma (3.7.0)
    rack (1.6.5)
    rack-protection (1.5.3)
      rack
    rack-test (0.6.3)
      rack (>= 1.0)
    rake (11.2.2)
    ripl (0.7.1)
      bond (~> 0.5.1)
    ripl-multi_line (0.3.1)
      ripl (>= 0.3.6)
    ripl-rack (0.2.1)
      rack (>= 1.0)
      rack-test (~> 0.6.2)
      ripl (>= 0.7.0)
    sinatra (1.4.7)
      rack (~> 1.5)
      rack-protection (~> 1.4)
      tilt (>= 1.3, < 3)
    sinatra-activerecord (2.0.11)
      activerecord (>= 3.2)
      sinatra (~> 1.0)
    sqlite3 (1.3.13)
    thread_safe (0.3.5)
    tilt (2.0.6)
    tux (0.3.0)
      ripl (>= 0.3.5)
      ripl-multi_line (>= 0.2.4)
      ripl-rack (>= 0.2.0)
      sinatra (>= 1.2.1)
    tzinfo (1.2.2)
      thread_safe (~> 0.1)

PLATFORMS
  ruby

DEPENDENCIES
  activerecord
  bip_mnemonic
  blockcypher-ruby!
  chain-sdk
  facebook-messenger (= 0.11.0)
  foursquare2!
  httmultiparty
  httparty
  money-tree
  pg
  puma
  rake
  sinatra
  sinatra-activerecord
  sqlite3
  tux

RUBY VERSION
   ruby 2.3.1p112

BUNDLED WITH
   1.14.5
